GEM
  remote: https://rubygems.org/
  specs:
    addressable (2.3.6)
    diff-lcs (1.2.5)
    hiredis (0.4.5)
    json (1.7.7)
    net-http-persistent (2.9.4)
    rack (1.5.2)
    rack-protection (1.5.1)
      rack
    rack-test (0.6.2)
      rack (>= 1.0)
    rack-wwwhisper (1.1.7)
      addressable (~> 2.0)
      net-http-persistent
      rack (~> 1.0)
    rake (10.1.1)
    redis (3.0.6)
    rspec (2.14.1)
      rspec-core (~> 2.14.0)
      rspec-expectations (~> 2.14.0)
      rspec-mocks (~> 2.14.0)
    rspec-core (2.14.7)
    rspec-expectations (2.14.4)
      diff-lcs (>= 1.1.3, < 2.0)
    rspec-mocks (2.14.4)
    ruby-hmac (0.4.0)
    sinatra (1.4.4)
      rack (~> 1.4)
      rack-protection (~> 1.4)
      tilt (~> 1.3, >= 1.3.4)
    tilt (1.4.1)

PLATFORMS
  ruby

DEPENDENCIES
  hiredis (~> 0.4.5)
  json (~> 1.7.7)
  rack-test
  rack-wwwhisper (~> 1.0)
  rake
  redis (~> 3.0.4)
  rspec
  ruby-hmac (~> 0.4.0)
  sinatra (~> 1.4.2)
